PATH
  remote: .
  specs:
    ruby-bitly (0.1.6.rc1)
      json_pure (~> 1.7)
      rest-client (~> 1.6)

GEM
  remote: http://rubygems.org/
  specs:
    addressable (2.3.3)
    columnize (0.3.6)
    crack (0.3.2)
    debugger (1.4.0)
      columnize (>= 0.3.1)
      debugger-linecache (~> 1.1.1)
      debugger-ruby_core_source (~> 1.2.0)
    debugger-linecache (1.1.2)
      debugger-ruby_core_source (>= 1.1.1)
    debugger-ruby_core_source (1.2.0)
    diff-lcs (1.2.1)
    json_pure (1.7.7)
    linecache (0.46)
      rbx-require-relative (> 0.0.4)
    mime-types (1.21)
    rake (10.0.3)
    rbx-require-relative (0.0.9)
    rest-client (1.6.7)
      mime-types (>= 1.16)
    rspec (2.13.0)
      rspec-core (~> 2.13.0)
      rspec-expectations (~> 2.13.0)
      rspec-mocks (~> 2.13.0)
    rspec-core (2.13.0)
    rspec-expectations (2.13.0)
      diff-lcs (>= 1.1.3, < 2.0)
    rspec-mocks (2.13.0)
    ruby-debug (0.10.4)
      columnize (>= 0.1)
      ruby-debug-base (~> 0.10.4.0)
    ruby-debug-base (0.10.4)
      linecache (>= 0.3)
    vcr (1.10.3)
    webmock (1.6.4)
      addressable (~> 2.2, > 2.2.5)
      crack (>= 0.1.7)

PLATFORMS
  ruby

DEPENDENCIES
  debugger
  rake
  rspec (~> 2.13)
  ruby-bitly!
  ruby-debug
  vcr (~> 1.10.0)
  webmock (~> 1.6.4)
