PATH
  remote: .
  specs:
    ruby-bitly (0.1.4)

GEM
  remote: http://rubygems.org/
  specs:
    json_pure (1.4.3)
    mime-types (1.16)
    rest-client (1.6.0)
      mime-types (>= 1.16)
    rspec (1.3.2)

PLATFORMS
  ruby

DEPENDENCIES
  json_pure (= 1.4.3)
  rest-client (= 1.6.0)
  rspec (= 1.3.2)
  ruby-bitly!
